GEM
  remote: http://rubygems.org/
  specs:
    albino (1.3.3)
      posix-spawn (>= 0.3.6)
    classifier (1.3.3)
      fast-stemmer (>= 1.0.0)
    directory_watcher (1.4.1)
    fast-stemmer (1.0.1)
    foreman (0.60.2)
      thor (>= 0.13.6)
    jekyll (0.11.2)
      albino (~> 1.3)
      classifier (~> 1.3)
      directory_watcher (~> 1.1)
      kramdown (~> 0.13)
      liquid (~> 2.3)
      maruku (~> 0.5)
    kramdown (0.14.0)
    liquid (2.4.1)
    maruku (0.6.1)
      syntax (>= 1.0.0)
    posix-spawn (0.3.6)
    puma (1.6.3)
      rack (~> 1.2)
    rack (1.4.1)
    rack-protection (1.2.0)
      rack
    rdiscount (1.6.8)
    sinatra (1.3.3)
      rack (~> 1.3, >= 1.3.6)
      rack-protection (~> 1.2)
      tilt (~> 1.3, >= 1.3.3)
    syntax (1.0.0)
    thor (0.16.0)
    tilt (1.3.3)

PLATFORMS
  ruby

DEPENDENCIES
  foreman
  jekyll
  puma
  rdiscount
  sinatra
